GEM
  remote: https://rubygems.org/
  specs:
    pg (0.20.0)
    puma (3.8.2)
    rack (1.6.5)
    rack-protection (1.5.3)
      rack
    shotgun (0.9.2)
      rack (>= 1.0)
    sinatra (1.4.8)
      rack (~> 1.5)
      rack-protection (~> 1.4)
      tilt (>= 1.3, < 3)
    sinatra-cross_origin (0.4.0)
    tilt (2.0.7)

PLATFORMS
  ruby

DEPENDENCIES
  pg
  puma
  shotgun
  sinatra
  sinatra-cross_origin

RUBY VERSION
   ruby 2.4.0p0

BUNDLED WITH
   1.14.6
